PATH
  remote: .
  specs:
    itunes_ingestion (0.3.0)
      rest-client

GEM
  remote: http://rubygems.org/
  specs:
    diff-lcs (1.2.4)
    mime-types (1.17.2)
    rest-client (1.6.7)
      mime-types (>= 1.16)
    rspec (2.14.1)
      rspec-core (~> 2.14.0)
      rspec-expectations (~> 2.14.0)
      rspec-mocks (~> 2.14.0)
    rspec-core (2.14.5)
    rspec-expectations (2.14.2)
      diff-lcs (>= 1.1.3, < 2.0)
    rspec-mocks (2.14.3)

PLATFORMS
  ruby

DEPENDENCIES
  itunes_ingestion!
  rest-client
  rspec (~> 2.13)
